GEM
  remote: https://rubygems.org/
  specs:
    backports (3.6.7)
    codeclimate-test-reporter (0.4.8)
      simplecov (>= 0.7.1, < 1.0.0)
    coderay (1.1.0)
    docile (1.1.5)
    em-websocket (0.5.1)
      eventmachine (>= 0.12.9)
      http_parser.rb (~> 0.6.0)
    eventmachine (1.0.8)
    ffi (1.9.10-x64-mingw32)
    foreman (0.78.0)
      thor (~> 0.19.1)
    formatador (0.2.5)
    guard (2.13.0)
      formatador (>= 0.2.4)
      listen (>= 2.7, <= 4.0)
      lumberjack (~> 1.0)
      nenv (~> 0.1)
      notiffany (~> 0.0)
      pry (>= 0.9.12)
      shellany (~> 0.0)
      thor (>= 0.18.1)
    guard-bundler (2.1.0)
      bundler (~> 1.0)
      guard (~> 2.2)
      guard-compat (~> 1.1)
    guard-compat (1.2.1)
    guard-livereload (2.5.1)
      em-websocket (~> 0.5)
      guard (~> 2.8)
      guard-compat (~> 1.0)
      multi_json (~> 1.8)
    guard-minitest (2.4.4)
      guard-compat (~> 1.2)
      minitest (>= 3.0)
    http_parser.rb (0.6.0)
    json (1.8.3)
    listen (3.0.5)
      rb-fsevent (>= 0.9.3)
      rb-inotify (>= 0.9)
    lumberjack (1.0.9)
    metaclass (0.0.4)
    method_source (0.8.2)
    minitest (5.4.3)
    minitest-rg (5.2.0)
      minitest (~> 5.0)
    mocha (1.1.0)
      metaclass (~> 0.0.1)
    multi_json (1.11.2)
    nenv (0.2.0)
    notiffany (0.0.8)
      nenv (~> 0.1)
      shellany (~> 0.0)
    pry (0.10.3)
      coderay (~> 1.1.0)
      method_source (~> 0.8.1)
      slop (~> 3.4)
    rack (1.6.4)
    rack-protection (1.5.3)
      rack
    rack-test (0.6.3)
      rack (>= 1.0)
    rake (10.4.2)
    rb-fsevent (0.9.6)
    rb-inotify (0.9.5)
      ffi (>= 0.5.0)
    shellany (0.0.1)
    simplecov (0.11.1)
      docile (~> 1.1.0)
      json (~> 1.8)
      simplecov-html (~> 0.10.0)
    simplecov-html (0.10.0)
    sinatra (1.4.6)
      rack (~> 1.4)
      rack-protection (~> 1.4)
      tilt (>= 1.3, < 3)
    sinatra-contrib (1.4.6)
      backports (>= 2.0)
      multi_json
      rack-protection
      rack-test
      sinatra (~> 1.4.0)
      tilt (>= 1.3, < 3)
    slim (3.0.6)
      temple (~> 0.7.3)
      tilt (>= 1.3.3, < 2.1)
    slop (3.6.0)
    temple (0.7.6)
    thor (0.19.1)
    tilt (1.3.3)
    wdm (0.1.1)

PLATFORMS
  x64-mingw32

DEPENDENCIES
  codeclimate-test-reporter
  foreman
  guard
  guard-bundler
  guard-livereload (~> 2.4)
  guard-minitest
  minitest (~> 5.4.1)
  minitest-rg
  mocha (~> 1.1)
  multi_json (~> 1.11)
  rack
  rack-test (~> 0.6.3)
  rake
  sinatra (~> 1.4)
  sinatra-contrib
  slim (~> 3.0)
  wdm (>= 0.1.0)

BUNDLED WITH
   1.10.6
