GEM
  remote: https://rubygems.org/
  specs:
    backports (3.6.7)
    codeclimate-test-reporter (0.4.8)
      simplecov (>= 0.7.1, < 1.0.0)
    docile (1.1.5)
    foreman (0.78.0)
      thor (~> 0.19.1)
    json (1.8.3)
    metaclass (0.0.4)
    minitest (5.4.3)
    minitest-rg (5.2.0)
      minitest (~> 5.0)
    mocha (1.1.0)
      metaclass (~> 0.0.1)
    multi_json (1.11.2)
    rack (1.6.4)
    rack-protection (1.5.3)
      rack
    rack-test (0.6.3)
      rack (>= 1.0)
    rake (10.4.2)
    simplecov (0.11.1)
      docile (~> 1.1.0)
      json (~> 1.8)
      simplecov-html (~> 0.10.0)
    simplecov-html (0.10.0)
    sinatra (1.4.6)
      rack (~> 1.4)
      rack-protection (~> 1.4)
      tilt (>= 1.3, < 3)
    sinatra-contrib (1.4.6)
      backports (>= 2.0)
      multi_json
      rack-protection
      rack-test
      sinatra (~> 1.4.0)
      tilt (>= 1.3, < 3)
    slim (3.0.6)
      temple (~> 0.7.3)
      tilt (>= 1.3.3, < 2.1)
    temple (0.7.6)
    thor (0.19.1)
    tilt (1.3.3)

PLATFORMS
  x64-mingw32

DEPENDENCIES
  codeclimate-test-reporter
  foreman
  minitest (~> 5.4.1)
  minitest-rg
  mocha (~> 1.1)
  multi_json (~> 1.11)
  rack
  rack-test (~> 0.6.3)
  rake
  sinatra (~> 1.4)
  sinatra-contrib
  slim (~> 3.0)

BUNDLED WITH
   1.10.6
